{
	"Modality": "MR",
	"MagneticFieldStrength": 3,
	"ImagingFrequency": 123.249,
	"Manufacturer": "Siemens",
	"ManufacturersModelName": "Prisma_fit",
	"InstitutionName": "EAST_CHINA_NORMAL_UNIVERSITY",
	"InstitutionalDepartmentName": "Department",
	"InstitutionAddress": "ZHONG_SHAN_BEI_3663_SHANGHAI_District_CN_200062",
	"DeviceSerialNumber": "167027",
	"StationName": "MRC35302",
	"BodyPartExamined": "BRAIN",
	"PatientPosition": "HFS",
	"ProcedureStepDescription": "ChenJialin_Ruqing",
	"SoftwareVersions": "syngo_MR_E11",
	"MRAcquisitionType": "2D",
	"SeriesDescription": "epi_listening_3",
	"ProtocolName": "epi_listening_3",
	"ScanningSequence": "EP",
	"SequenceVariant": "SK",
	"ScanOptions": "PFP_FS",
	"SequenceName": "_epfid2d1_96",
	"ImageType": ["ORIGINAL", "PRIMARY", "M", "ND", "MOSAIC"],
	"SeriesNumber": 10,
	"AcquisitionTime": "12:37:46.855000",
	"AcquisitionNumber": 1,
	"SliceThickness": 2,
	"SpacingBetweenSlices": 2,
	"SAR": 0.0703872,
	"EchoTime": 0.032,
	"RepetitionTime": 1,
	"FlipAngle": 55,
	"PartialFourier": 0.875,
	"BaseResolution": 96,
	"ShimSetting": [
		1001,
		1665,
		1380,
		273,
		14,
		-132,
		-164,
		8	],
	"TxRefAmp": 250.981,
	"PhaseResolution": 1,
	"VendorReportedEchoSpacing": 0.00068,
	"ReceiveCoilName": "HeadNeck_64",
	"ReceiveCoilActiveElements": "HC1-7",
	"PulseSequenceDetails": "%SiemensSeq%_ep2d_bold",
	"ConsistencyInfo": "N4_VE11C_LATEST_20160120",
	"MultibandAccelerationFactor": 6,
	"PercentPhaseFOV": 100,
	"EchoTrainLength": 84,
	"PhaseEncodingSteps": 84,
	"AcquisitionMatrixPE": 96,
	"ReconMatrixPE": 96,
	"BandwidthPerPixelPhaseEncode": 15.319,
	"EffectiveEchoSpacing": 0.000679983,
	"DerivedVendorReportedEchoSpacing": 0.000679983,
	"TotalReadoutTime": 0.0645984,
	"PixelBandwidth": 2265,
	"DwellTime": 2.3e-06,
	"PhaseEncodingDirection": "j-",
	"SliceTiming": [
		0.735,
		0,
		0.49,
		0.08,
		0.57,
		0.1625,
		0.6525,
		0.325,
		0.815,
		0.4075,
		0.8975,
		0.245,
		0.735,
		0,
		0.49,
		0.08,
		0.57,
		0.1625,
		0.6525,
		0.325,
		0.815,
		0.4075,
		0.8975,
		0.245,
		0.735,
		0,
		0.49,
		0.08,
		0.57,
		0.1625,
		0.6525,
		0.325,
		0.815,
		0.4075,
		0.8975,
		0.245,
		0.735,
		0,
		0.49,
		0.08,
		0.57,
		0.1625,
		0.6525,
		0.325,
		0.815,
		0.4075,
		0.8975,
		0.245,
		0.735,
		0,
		0.49,
		0.08,
		0.57,
		0.1625,
		0.6525,
		0.325,
		0.815,
		0.4075,
		0.8975,
		0.245,
		0.735,
		0,
		0.49,
		0.08,
		0.57,
		0.1625,
		0.6525,
		0.325,
		0.815,
		0.4075,
		0.8975,
		0.245	],
	"ImageOrientationPatientDICOM": [
		0.999636,
		-0.00146659,
		-0.0269465,
		-5.01355e-08,
		0.998522,
		-0.0543475	],
	"TaskName":"narrative",
	"InPlanePhaseEncodingDirectionDICOM": "COL",
	"ConversionSoftware": "dcm2niix",
	"ConversionSoftwareVersion": "v1.0.20181108  GCC5.4.0"
}
